GEM
  remote: https://rubygems.org/
  specs:
    haml (5.0.0)
      temple (>= 0.8.0)
      tilt
    httparty (0.14.0)
      multi_xml (>= 0.5.2)
    multi_xml (0.6.0)
    rack (1.6.5)
    rack-protection (1.5.3)
      rack
    sinatra (1.4.7)
      rack (~> 1.5)
      rack-protection (~> 1.4)
      tilt (>= 1.3, < 3)
    temple (0.8.2)
    tilt (2.0.10)

PLATFORMS
  ruby

DEPENDENCIES
  haml
  httparty
  sinatra

BUNDLED WITH
   1.12.3
